GEM
  remote: http://rubygems.org/
  specs:
    haml (3.1.4)
    json (2.3.0)
    rack (1.6.12)
    sass (3.1.15)
    sinatra (1.2.1)
      rack (~> 1.1)
      tilt (>= 1.2.2, < 2.0)
    tilt (1.2.2)

PLATFORMS
  ruby

DEPENDENCIES
  haml
  json
  sass
  sinatra
